GEM
  remote: https://rubygems.org/
  specs:
    curb (0.8.8)
    diff-lcs (1.2.5)
    dotfiles (1.0.6)
      highline (>= 1.5.0)
      json (>= 1.1.5)
    feedjira (1.6.0)
      curb (~> 0.8)
      loofah (~> 2.0)
      sax-machine (~> 1.0)
    highline (1.7.1)
    json (1.8.2)
    loofah (2.0.1)
      nokogiri (>= 1.5.9)
    mini_portile (0.6.2)
    nokogiri (1.6.6.2)
      mini_portile (~> 0.6.0)
    rspec (3.2.0)
      rspec-core (~> 3.2.0)
      rspec-expectations (~> 3.2.0)
      rspec-mocks (~> 3.2.0)
    rspec-core (3.2.3)
      rspec-support (~> 3.2.0)
    rspec-expectations (3.2.1)
      diff-lcs (>= 1.2.0, < 2.0)
      rspec-support (~> 3.2.0)
    rspec-mocks (3.2.1)
      diff-lcs (>= 1.2.0, < 2.0)
      rspec-support (~> 3.2.0)
    rspec-support (3.2.2)
    sax-machine (1.3.1)

PLATFORMS
  ruby

DEPENDENCIES
  dotfiles
  feedjira
  rspec
